GIT
  remote: https://github.com/crepesourcing/flu-rails.git
  revision: 577908c3c04023f1150f547bafced0d88c54f0b4
  specs:
    flu-rails (0.1.2)
      activesupport (>= 4.2.0)
      bunny (>= 2.5.0)
      rabbitmq_http_api_client (>= 1.6.0)

GIT
  remote: https://github.com/crepesourcing/happn-ruby.git
  revision: 4405fd6482f419dd89497daba6d5c19112f7d578
  specs:
    happn (0.1.0)
      activesupport (>= 4.2.0)
      bunny (>= 2.5.0)
      rabbitmq_http_api_client (>= 1.6.0)

GEM
  remote: https://rubygems.org/
  specs:
    activemodel (5.0.0)
      activesupport (= 5.0.0)
    activerecord (5.0.0)
      activemodel (= 5.0.0)
      activesupport (= 5.0.0)
      arel (~> 7.0)
    activesupport (5.0.0)
      concurrent-ruby (~> 1.0, >= 1.0.2)
      i18n (~> 0.7)
      minitest (~> 5.1)
      tzinfo (~> 1.1)
    amq-protocol (2.1.0)
    annotate (2.7.1)
      activerecord (>= 3.2, < 6.0)
      rake (>= 10.4, < 12.0)
    arel (7.1.1)
    awesome_print (1.7.0)
    bunny (2.6.3)
      amq-protocol (>= 2.0.1)
    concurrent-ruby (1.0.4)
    effin_utf8 (1.0)
    faraday (0.9.2)
      multipart-post (>= 1.2, < 3)
    faraday_middleware (0.9.2)
      faraday (>= 0.7.4, < 0.10)
    hashie (3.5.3)
    i18n (0.8.0)
    minitest (5.10.1)
    multi_json (1.12.1)
    multipart-post (2.0.0)
    pg (0.18.4)
    rabbitmq_http_api_client (1.8.0)
      effin_utf8 (~> 1.0.0)
      faraday (~> 0.9.0)
      faraday_middleware (~> 0.9.0)
      hashie (~> 3.2)
      multi_json (~> 1.9)
    rake (11.2.2)
    sentry-raven (1.2.2)
      faraday (>= 0.7.6, < 0.10.x)
    thread_safe (0.3.5)
    tzinfo (1.2.2)
      thread_safe (~> 0.1)

PLATFORMS
  ruby

DEPENDENCIES
  activerecord (= 5.0)
  annotate
  awesome_print (= 1.7.0)
  flu-rails!
  happn!
  pg (= 0.18.4)
  sentry-raven

BUNDLED WITH
   1.12.3
